GEM
  remote: http://rubygems.org/
  specs:
    crack (0.1.8)
    haml (3.0.23)
    json (1.4.6)
    pusher (0.6.0)
      crack
      json
      ruby-hmac
      signature
    rack (1.2.1)
    ruby-hmac (0.4.0)
    sequel (3.16.0)
    signature (0.1.2)
      ruby-hmac
    sinatra (1.1.0)
      rack (~> 1.1)
      tilt (~> 1.1)
    sinatra-sequel (0.9.0)
      sequel (>= 3.2.0)
      sinatra (>= 0.9.4)
    sqlite3-ruby (1.3.2)
    tilt (1.1)

PLATFORMS
  ruby

DEPENDENCIES
  haml
  json
  pusher
  sequel
  sinatra
  sinatra-sequel
  sqlite3-ruby
