GEM
  remote: http://rubygems.org/
  specs:
    haml (3.0.23)
    json (1.4.6)
    rack (1.2.1)
    sequel (3.16.0)
    sinatra (1.1.0)
      rack (~> 1.1)
      tilt (~> 1.1)
    sinatra-sequel (0.9.0)
      sequel (>= 3.2.0)
      sinatra (>= 0.9.4)
    sqlite3-ruby (1.3.2)
    tilt (1.1)

PLATFORMS
  ruby

DEPENDENCIES
  haml
  json
  sequel
  sinatra
  sinatra-sequel
  sqlite3-ruby
